GEM
  remote: https://rubygems.org/
  specs:
    concurrent-ruby (1.0.0)
    daemons (1.1.9)
    eventmachine (1.0.4)
    rack (1.6.4)
    rack-protection (1.5.3)
      rack
    rdiscount (2.1.8)
    sinatra (1.4.7)
      rack (~> 1.5)
      rack-protection (~> 1.4)
      tilt (>= 1.3, < 3)
    sprockets (3.5.2)
      concurrent-ruby (~> 1.0)
      rack (> 1, < 3)
    sprockets-helpers (1.2.1)
      sprockets (>= 2.2)
    thin (1.5.1)
      daemons (>= 1.0.9)
      eventmachine (>= 0.12.6)
      rack (>= 1.0.0)
    tilt (1.4.1)

PLATFORMS
  ruby

DEPENDENCIES
  rdiscount
  sinatra
  sprockets
  sprockets-helpers
  thin

BUNDLED WITH
   1.11.2
